GEM
  remote: https://rubygems.org/
  specs:
    addressable (2.8.7)
      public_suffix (>= 2.0.2, < 7.0)
    base64 (0.3.0)
    concurrent-ruby (1.3.5)
    connection_pool (2.5.3)
    domain_name (0.6.20240107)
    ffi (1.17.2-arm64-darwin)
    ffi-compiler (1.3.2)
      ffi (>= 1.15.5)
      rake
    http (5.2.0)
      addressable (~> 2.8)
      base64 (~> 0.1)
      http-cookie (~> 1.0)
      http-form_data (~> 2.2)
      llhttp-ffi (~> 0.5.0)
    http-cookie (1.0.8)
      domain_name (~> 0.5)
    http-form_data (2.3.0)
    ip3country (0.2.1)
    llhttp-ffi (0.5.1)
      ffi-compiler (~> 1.0)
      rake (~> 13.0)
    public_suffix (6.0.2)
    rake (13.3.0)
    statsig (2.5.1)
      concurrent-ruby (~> 1.1)
      connection_pool (~> 2.4, >= 2.4.1)
      http (>= 4.4, < 6.0)
      ip3country (~> 0.2.1)
      user_agent_parser (~> 2.15.0)
      zlib (~> 3.1.0)
    user_agent_parser (2.15.0)
    zlib (3.1.1)

PLATFORMS
  arm64-darwin-23

DEPENDENCIES
  statsig

BUNDLED WITH
   2.4.10
